GEM
  remote: https://rubygems.org/
  specs:
    awesome_print (1.8.0)
    ffi (1.9.25)
    hashie (3.6.0)
    multipart-post (2.0.0)
    soda-ruby (0.2.25)
      hashie (~> 3.5)
      multipart-post (~> 2.0.0)
      sys-uname (~> 1.0.2)
    sys-uname (1.0.4)
      ffi (>= 1.0.0)
    table_print (1.5.6)

PLATFORMS
  ruby

DEPENDENCIES
  awesome_print
  soda-ruby
  table_print

BUNDLED WITH
   1.17.1
